PATH
  remote: .
  specs:
    orca (0.3.5)
      colored
      net-sftp
      net-ssh
      thor

GEM
  remote: https://rubygems.org/
  specs:
    colored (1.2)
    metaclass (0.0.1)
    minitest (4.7.5)
    mocha (0.13.1)
      metaclass (~> 0.0.1)
    net-sftp (2.1.2)
      net-ssh (>= 2.6.5)
    net-ssh (2.6.7)
    rake (10.0.4)
    thor (0.18.1)

PLATFORMS
  ruby

DEPENDENCIES
  minitest
  mocha
  orca!
  rake
